PATH
  remote: .
  specs:
    materialize-sass (0.97.5)
      sass (~> 3.3)

GEM
  remote: https://rubygems.org/
  specs:
    rake (10.5.0)
    sass (3.4.22)

PLATFORMS
  ruby

DEPENDENCIES
  bundler (~> 1.7)
  materialize-sass!
  rake (~> 10.0)

BUNDLED WITH
   1.11.2
